PATH
  remote: .
  specs:
    gems-cli (0.1.5)
      clipboard (= 1.0.5)
      gems (= 0.8.3)
      gli (= 2.12.2)
      highline (= 1.6.21)
      rainbow (= 2.0.0)
      will_paginate (= 3.0.7)

GEM
  remote: https://rubygems.org/
  specs:
    clipboard (1.0.5)
    diff-lcs (1.2.5)
    docile (1.1.5)
    gems (0.8.3)
    gli (2.12.2)
    highline (1.6.21)
    multi_json (1.10.1)
    rainbow (2.0.0)
    rake (10.3.2)
    rspec (3.1.0)
      rspec-core (~> 3.1.0)
      rspec-expectations (~> 3.1.0)
      rspec-mocks (~> 3.1.0)
    rspec-core (3.1.7)
      rspec-support (~> 3.1.0)
    rspec-expectations (3.1.2)
      diff-lcs (>= 1.2.0, < 2.0)
      rspec-support (~> 3.1.0)
    rspec-mocks (3.1.3)
      rspec-support (~> 3.1.0)
    rspec-support (3.1.2)
    simplecov (0.9.1)
      docile (~> 1.1.0)
      multi_json (~> 1.0)
      simplecov-html (~> 0.8.0)
    simplecov-html (0.8.0)
    will_paginate (3.0.7)
    yard (0.8.7.6)

PLATFORMS
  ruby

DEPENDENCIES
  gems-cli!
  rake (~> 10.3.2)
  rspec (~> 3.1.0)
  simplecov (~> 0.9.1)
  yard (~> 0.8.7.6)
